REFERENCES: STRICT
REDIRECTS: OFF
IMPORT-TARGETS: FALSE
NUGET
  remote: https://www.nuget.org/api/v2
  specs:
    FAKE.Core (4.20.0)
    FAKE.Dotnet (1.0.0-rc-018)
